FRAMEWORK: NET40, NET45, NET452
NUGET
  remote: https://www.nuget.org/api/v2
    Common.Logging (3.3)
      Common.Logging.Core (>= 3.3)
    Common.Logging.Core (3.3.1)
    Dynamitey (1.0.2)
    FAKE (4.36)
    FSharp.Compiler.Service (2.0.0.6)
    FSharp.Core (4.0.0.1)
    FSharp.Formatting (2.14.4)
      FSharp.Compiler.Service (2.0.0.6)
      FSharpVSPowerTools.Core (>= 2.3 < 2.4)
    FSharp.Interop.Dynamic (3.0)
      Dynamitey (>= 1.0.2)
      FSharp.Core (>= 3.1.2.1)
    FSharpVSPowerTools.Core (2.3)
      FSharp.Compiler.Service (>= 2.0.0.3)
    Nancy (1.4.3)
    Nancy.Authentication.Forms (1.4.1)
      Nancy (>= 1.4.1)
    Nancy.Session.Persistable (0.9)
      Nancy (>= 1.4.3)
      Newtonsoft.Json (>= 9.0.1)
    Nancy.Session.RethinkDB (0.9)
      Nancy.Session.Persistable (>= 0.9)
      RethinkDb.Driver (>= 2.3.9)
    Newtonsoft.Json (9.0.1)
    NodaTime (1.3.2)
    RethinkDb.Driver (2.3.10)
      Common.Logging (>= 3.3) - framework: net45, net452
      Newtonsoft.Json (>= 9.0.1) - framework: net45, net452
    Suave (1.1.3)
      FSharp.Core (>= 3.1.2.5)
